GEM
  remote: https://rubygems.org/
  specs:
    find (1.3.9)
    yaml (4.2.2)

PLATFORMS
  ruby

DEPENDENCIES
  find
  yaml
